GEM
  remote: https://rubygems.org/
  specs:
    chunky_png (1.4.0)
    rake (13.0.6)

PLATFORMS
  universal-darwin-21

DEPENDENCIES
  chunky_png (~> 1.4)
  rake (~> 13.0)

BUNDLED WITH
   2.2.28
