GEM
  remote: https://rubygems.org/
  specs:
    chunky_png (1.4.0)

PLATFORMS
  universal-darwin-21

DEPENDENCIES
  chunky_png (~> 1.4)

BUNDLED WITH
   2.2.28
